GEM
  remote: https://rubygems.org/
  specs:
    daemons (1.2.5)
    eventmachine (1.2.5)
    rack (1.6.8)
    rack-protection (1.5.3)
      rack
    sinatra (1.4.5)
      rack (~> 1.4)
      rack-protection (~> 1.4)
      tilt (~> 1.3, >= 1.3.4)
    thin (1.7.2)
      daemons (~> 1.0, >= 1.0.9)
      eventmachine (~> 1.0, >= 1.0.4)
      rack (>= 1, < 3)
    tilt (1.4.1)

PLATFORMS
  ruby

DEPENDENCIES
  sinatra
  thin

RUBY VERSION
   ruby 2.2.7p470

BUNDLED WITH
   1.15.4
